STORAGE: PACKAGES
RESTRICTION: || (== net5.0) (== netstandard2.0) (== netstandard2.1)
NUGET
  remote: https://api.nuget.org/v3/index.json
    FAKE.Core (5.16)
    FSharp.Core (6.0)
    FSharp.Data (4.2.3)
      FSharp.Core (>= 4.7.2)
